GEM
  remote: https://rubygems.org/
  specs:
    mini_portile2 (2.4.0)
    nokogiri (1.10.9)
      mini_portile2 (~> 2.4.0)
    open_uri_redirections (0.2.1)
    robotex (1.0.0)
    ruby-progressbar (1.10.0)

PLATFORMS
  ruby

DEPENDENCIES
  nokogiri (~> 1.10)
  open_uri_redirections
  robotex
  ruby-progressbar

BUNDLED WITH
   2.1.4
