GEM
  remote: https://rubygems.org/
  specs:
    mini_portile2 (2.0.0)
    nokogiri (1.6.7.2)
      mini_portile2 (~> 2.0.0.rc2)
    robotex (1.0.0)

PLATFORMS
  ruby

DEPENDENCIES
  nokogiri
  robotex

BUNDLED WITH
   1.11.2
