GEM
  remote: https://rubygems.org/
  specs:
    mini_portile2 (2.3.0)
    nokogiri (1.8.2)
      mini_portile2 (~> 2.3.0)
    robotex (1.0.0)
    ruby-progressbar (1.10.0)

PLATFORMS
  ruby

DEPENDENCIES
  nokogiri (~> 1.0)
  robotex
  ruby-progressbar

BUNDLED WITH
   1.16.1
