GEM
  remote: https://rubygems.org/
  specs:
    mini_portile2 (2.1.0)
    nokogiri (1.7.0)
      mini_portile2 (~> 2.1.0)
    robotex (1.0.0)

PLATFORMS
  ruby

DEPENDENCIES
  nokogiri
  robotex

BUNDLED WITH
   1.13.2
