GEM
  remote: https://rubygems.org/
  specs:
    addressable (2.8.0)
      public_suffix (>= 2.0.2, < 5.0)
    mini_portile2 (2.8.0)
    nokogiri (1.13.5)
      mini_portile2 (~> 2.8.0)
      racc (~> 1.4)
    open_uri_redirections (0.2.1)
    public_suffix (4.0.6)
    racc (1.6.0)
    robotex (1.0.0)
    ruby-progressbar (1.10.0)

PLATFORMS
  ruby

DEPENDENCIES
  addressable
  nokogiri (~> 1.13)
  open_uri_redirections
  robotex
  ruby-progressbar

BUNDLED WITH
   2.1.4
